GEM
  remote: https://rubygems.org/
  specs:
    coderay (1.1.3)
    method_source (0.8.2)
    pry (0.14.2)
      coderay (~> 1.1.0)
      method_source (~> 0.8.1)
      slop (~> 3.4)
    require_all (3.0.0)
    slop (3.6.0)

PLATFORMS
  x86_64-linux

DEPENDENCIES
  pry
  require_all

BUNDLED WITH
   2.4.7
